PATH
  remote: .
  specs:
    ProMotion-pageview (1.0)
      ProMotion (>= 2.0.1)

GIT
  remote: https://github.com/clearsightstudio/ProMotion.git
  revision: ae80748f9bde5e388b8f6c52c9cf3cf50eeb26e7
  branch: master
  specs:
    ProMotion (2.0.1)
      methadone (~> 1.7)

GEM
  remote: https://rubygems.org/
  specs:
    methadone (1.7.0)
      bundler
    rake (10.3.2)

PLATFORMS
  ruby

DEPENDENCIES
  ProMotion!
  ProMotion-pageview!
  rake
