PATH
  remote: .
  specs:
    ProMotion-pageview (1.0)

GEM
  remote: https://rubygems.org/
  specs:
    rake (10.3.2)

PLATFORMS
  ruby

DEPENDENCIES
  ProMotion-pageview!
  rake
